GEM
  remote: http://rubygems.org/
  specs:
    excon (0.45.4)
    faraday (0.9.2)
      multipart-post (>= 1.2, < 3)
    json (1.8.3)
    mandrill-api (1.0.53)
      excon (>= 0.16.0, < 1.0)
      json (>= 1.7.7, < 2.0)
    mimemagic (0.3.0)
    multipart-post (2.0.0)
    rack (1.6.4)
    rack-protection (1.5.3)
      rack
    sendgrid-ruby (1.1.6)
      faraday (~> 0.9)
      mimemagic
      smtpapi (~> 0.1)
    sinatra (1.4.6)
      rack (~> 1.4)
      rack-protection (~> 1.4)
      tilt (>= 1.3, < 3)
    smtpapi (0.1.0)
    tilt (2.0.1)

PLATFORMS
  ruby

DEPENDENCIES
  mandrill-api
  sendgrid-ruby
  sinatra

BUNDLED WITH
   1.11.2
